GEM
  remote: http://rubygems.org/
  specs:
    macaddr (1.6.1)
      systemu (~> 2.5.0)
    rb-fsevent (0.9.1)
    ruby-growl (4.0)
      uuid (~> 2.3, >= 2.3.5)
    systemu (2.5.1)
    uuid (2.3.5)
      macaddr (~> 1.0)

PLATFORMS
  ruby

DEPENDENCIES
  rb-fsevent
  ruby-growl
